GEM
  remote: https://rubygems.org/
  specs:
    parslet (1.8.2)

PLATFORMS
  ruby

DEPENDENCIES
  parslet

BUNDLED WITH
   2.3.10
