GEM
  remote: https://rubygems.org/
  specs:
    parslet (1.8.2)

PLATFORMS
  ruby

DEPENDENCIES
  parslet

RUBY VERSION
   ruby 3.3.1p55

BUNDLED WITH
   2.5.9
